GIT
  remote: https://github.com/CocoaPods/CocoaPods
  revision: 11b34726a83067ecc66b364e2c5d620fd303513e
  specs:
    cocoapods (1.10.0.beta.1)
      addressable (~> 2.6)
      claide (>= 1.0.2, < 2.0)
      cocoapods-core (= 1.10.0.beta.1)
      cocoapods-deintegrate (>= 1.0.3, < 2.0)
      cocoapods-downloader (>= 1.4.0, < 2.0)
      cocoapods-plugins (>= 1.0.0, < 2.0)
      cocoapods-search (>= 1.0.0, < 2.0)
      cocoapods-trunk (>= 1.4.0, < 2.0)
      cocoapods-try (>= 1.1.0, < 2.0)
      colored2 (~> 3.1)
      escape (~> 0.0.4)
      fourflusher (>= 2.3.0, < 3.0)
      gh_inspector (~> 1.0)
      molinillo (~> 0.6.6)
      nap (~> 1.0)
      ruby-macho (~> 1.4)
      xcodeproj (>= 1.17.0, < 2.0)

GIT
  remote: https://github.com/CocoaPods/Core
  revision: 59eaa9b1b22070d6c5ffcfa19f491c1f47594459
  specs:
    cocoapods-core (1.10.0.beta.1)
      activesupport (> 5.0, < 6)
      addressable (~> 2.6)
      algoliasearch (~> 1.0)
      concurrent-ruby (~> 1.1)
      fuzzy_match (~> 2.0.4)
      nap (~> 1.0)
      netrc (~> 0.11)
      public_suffix
      typhoeus (~> 1.0)

GIT
  remote: https://github.com/leahneukirchen/bacon
  revision: 34068e01b6cc8b83f744b28e8ae7b4fd07affccb
  specs:
    bacon (1.2.0)

GIT
  remote: https://github.com/mrackwitz/CLIntegracon
  revision: ca88b7b8920b6b6542f9b4ad2b1748855783dbae
  specs:
    clintegracon (0.9.0)
      colored2 (~> 3.1)
      diffy

PATH
  remote: .
  specs:
    cocoapods-generate (2.2.4)
      cocoapods-disable-podfile-validations (>= 0.1.1, < 0.3.0)

GEM
  remote: https://rubygems.org/
  specs:
    CFPropertyList (3.0.2)
    activesupport (5.2.4.3)
      concurrent-ruby (~> 1.0, >= 1.0.2)
      i18n (>= 0.7, < 2)
      minitest (~> 5.1)
      tzinfo (~> 1.1)
    addressable (2.8.0)
      public_suffix (>= 2.0.2, < 5.0)
    algoliasearch (1.27.3)
      httpclient (~> 2.8, >= 2.8.3)
      json (>= 1.5.1)
    ast (2.4.0)
    atomos (0.1.3)
    claide (1.0.3)
    cocoapods-deintegrate (1.0.4)
    cocoapods-disable-podfile-validations (0.2.0)
    cocoapods-downloader (1.4.0)
    cocoapods-plugins (1.0.0)
      nap
    cocoapods-search (1.0.0)
    cocoapods-trunk (1.5.0)
      nap (>= 0.8, < 2.0)
      netrc (~> 0.11)
    cocoapods-try (1.2.0)
    coderay (1.1.3)
    colored2 (3.1.2)
    concurrent-ruby (1.1.6)
    diff-lcs (1.5.1)
    diffy (3.4.2)
    escape (0.0.4)
    ethon (0.12.0)
      ffi (>= 1.3.0)
    ffi (1.16.2)
    fourflusher (2.3.1)
    fuzzy_match (2.0.4)
    gh_inspector (1.1.3)
    httpclient (2.8.3)
    i18n (1.8.4)
      concurrent-ruby (~> 1.0)
    inch (0.8.0)
      pry
      sparkr (>= 0.2.0)
      term-ansicolor
      yard (~> 0.9.12)
    inch_by_inch (1.0.1)
      inch (~> 0.8.0)
      rake (~> 10.0)
    json (2.3.1)
    method_source (1.0.0)
    minitest (5.17.0)
    molinillo (0.6.6)
    nanaimo (0.3.0)
    nap (1.1.0)
    netrc (0.11.0)
    parallel (1.12.1)
    parser (2.5.1.0)
      ast (~> 2.4.0)
    powerpack (0.1.1)
    prettybacon (0.0.2)
      bacon (~> 1.2)
    pry (0.14.2)
      coderay (~> 1.1)
      method_source (~> 1.0)
    public_suffix (4.0.6)
    rainbow (3.0.0)
    rake (10.5.0)
    rexml (3.2.5)
    rspec (3.13.0)
      rspec-core (~> 3.13.0)
      rspec-expectations (~> 3.13.0)
      rspec-mocks (~> 3.13.0)
    rspec-core (3.13.0)
      rspec-support (~> 3.13.0)
    rspec-expectations (3.13.0)
      diff-lcs (>= 1.2.0, < 2.0)
      rspec-support (~> 3.13.0)
    rspec-mocks (3.13.0)
      diff-lcs (>= 1.2.0, < 2.0)
      rspec-support (~> 3.13.0)
    rspec-support (3.13.1)
    rubocop (0.55.0)
      parallel (~> 1.10)
      parser (>= 2.5)
      powerpack (~> 0.1)
      rainbow (>= 2.2.2, < 4.0)
      ruby-progressbar (~> 1.7)
      unicode-display_width (~> 1.0, >= 1.0.1)
    ruby-macho (1.4.0)
    ruby-progressbar (1.9.0)
    sparkr (0.4.1)
    sync (0.5.0)
    term-ansicolor (1.7.1)
      tins (~> 1.0)
    thread_safe (0.3.6)
    tins (1.32.1)
      sync
    typhoeus (1.4.0)
      ethon (>= 0.9.0)
    tzinfo (1.2.10)
      thread_safe (~> 0.1)
    unicode-display_width (1.3.0)
    webrick (1.7.0)
    xcodeproj (1.17.1)
      CFPropertyList (>= 2.3.3, < 4.0)
      atomos (~> 0.1.3)
      claide (>= 1.0.2, < 2.0)
      colored2 (~> 3.1)
      nanaimo (~> 0.3.0)
    yard (0.9.28)
      webrick (~> 1.7.0)

PLATFORMS
  ruby

DEPENDENCIES
  bacon!
  bundler (>= 1.16, < 3)
  clintegracon!
  cocoapods!
  cocoapods-core!
  cocoapods-generate!
  inch_by_inch (~> 1.0.1)
  prettybacon
  rake (~> 10.0)
  rexml
  rspec (~> 3.13)
  rubocop (~> 0.55.0)

BUNDLED WITH
   2.4.19
