GIT
  remote: https://github.com/CocoaPods/CocoaPods
  revision: 7dccae056e99da7bfb625d2e16153b05f4bf2da9
  specs:
    cocoapods (1.9.1)
      activesupport (>= 4.0.2, < 5)
      claide (>= 1.0.2, < 2.0)
      cocoapods-core (= 1.9.1)
      cocoapods-deintegrate (>= 1.0.3, < 2.0)
      cocoapods-downloader (>= 1.2.2, < 2.0)
      cocoapods-plugins (>= 1.0.0, < 2.0)
      cocoapods-search (>= 1.0.0, < 2.0)
      cocoapods-trunk (>= 1.4.0, < 2.0)
      cocoapods-try (>= 1.1.0, < 2.0)
      colored2 (~> 3.1)
      escape (~> 0.0.4)
      fourflusher (>= 2.3.0, < 3.0)
      gh_inspector (~> 1.0)
      molinillo (~> 0.6.6)
      nap (~> 1.0)
      ruby-macho (~> 1.4)
      xcodeproj (>= 1.14.0, < 2.0)

GIT
  remote: https://github.com/CocoaPods/Core
  revision: 01e301e2a30a312247252f0c155ec6b244f35c51
  specs:
    cocoapods-core (1.9.1)
      activesupport (>= 4.0.2, < 6)
      addressable (~> 2.6)
      algoliasearch (~> 1.0)
      concurrent-ruby (~> 1.1)
      fuzzy_match (~> 2.0.4)
      nap (~> 1.0)
      netrc (~> 0.11)
      public_suffix (~> 2.0)
      typhoeus (~> 1.0)

PATH
  remote: .
  specs:
    cocoapods-generate (2.0.0)
      cocoapods-disable-podfile-validations (~> 0.1.1)

GEM
  remote: https://rubygems.org/
  specs:
    CFPropertyList (3.0.2)
    activesupport (4.2.11.1)
      i18n (~> 0.7)
      minitest (~> 5.1)
      thread_safe (~> 0.3, >= 0.3.4)
      tzinfo (~> 1.1)
    addressable (2.7.0)
      public_suffix (>= 2.0.2, < 5.0)
    algoliasearch (1.27.2)
      httpclient (~> 2.8, >= 2.8.3)
      json (>= 1.5.1)
    ast (2.4.0)
    atomos (0.1.3)
    bacon (1.2.0)
    claide (1.0.3)
    clintegracon (0.9.0)
      colored2 (~> 3.1)
      diffy
    cocoapods-deintegrate (1.0.4)
    cocoapods-disable-podfile-validations (0.1.1)
    cocoapods-downloader (1.3.0)
    cocoapods-plugins (1.0.0)
      nap
    cocoapods-search (1.0.0)
    cocoapods-trunk (1.5.0)
      nap (>= 0.8, < 2.0)
      netrc (~> 0.11)
    cocoapods-try (1.2.0)
    coderay (1.1.2)
    colored2 (3.1.2)
    concurrent-ruby (1.1.6)
    diff-lcs (1.3)
    diffy (3.3.0)
    escape (0.0.4)
    ethon (0.12.0)
      ffi (>= 1.3.0)
    ffi (1.12.2)
    fourflusher (2.3.1)
    fuzzy_match (2.0.4)
    gh_inspector (1.1.3)
    httpclient (2.8.3)
    i18n (0.9.5)
      concurrent-ruby (~> 1.0)
    inch (0.8.0)
      pry
      sparkr (>= 0.2.0)
      term-ansicolor
      yard (~> 0.9.12)
    inch_by_inch (1.0.1)
      inch (~> 0.8.0)
      rake (~> 10.0)
    json (2.3.0)
    method_source (0.9.0)
    minitest (5.12.0)
    molinillo (0.6.6)
    nanaimo (0.2.6)
    nap (1.1.0)
    netrc (0.11.0)
    parallel (1.12.1)
    parser (2.5.1.0)
      ast (~> 2.4.0)
    powerpack (0.1.1)
    prettybacon (0.0.2)
      bacon (~> 1.2)
    pry (0.11.3)
      coderay (~> 1.1.0)
      method_source (~> 0.9.0)
    public_suffix (2.0.5)
    rainbow (3.0.0)
    rake (10.5.0)
    rspec (3.9.0)
      rspec-core (~> 3.9.0)
      rspec-expectations (~> 3.9.0)
      rspec-mocks (~> 3.9.0)
    rspec-core (3.9.0)
      rspec-support (~> 3.9.0)
    rspec-expectations (3.9.0)
      diff-lcs (>= 1.2.0, < 2.0)
      rspec-support (~> 3.9.0)
    rspec-mocks (3.9.0)
      diff-lcs (>= 1.2.0, < 2.0)
      rspec-support (~> 3.9.0)
    rspec-support (3.9.0)
    rubocop (0.55.0)
      parallel (~> 1.10)
      parser (>= 2.5)
      powerpack (~> 0.1)
      rainbow (>= 2.2.2, < 4.0)
      ruby-progressbar (~> 1.7)
      unicode-display_width (~> 1.0, >= 1.0.1)
    ruby-macho (1.4.0)
    ruby-progressbar (1.9.0)
    sparkr (0.4.1)
    term-ansicolor (1.6.0)
      tins (~> 1.0)
    thread_safe (0.3.6)
    tins (1.16.3)
    typhoeus (1.4.0)
      ethon (>= 0.9.0)
    tzinfo (1.2.7)
      thread_safe (~> 0.1)
    unicode-display_width (1.3.0)
    xcodeproj (1.16.0)
      CFPropertyList (>= 2.3.3, < 4.0)
      atomos (~> 0.1.3)
      claide (>= 1.0.2, < 2.0)
      colored2 (~> 3.1)
      nanaimo (~> 0.2.6)
    yard (0.9.20)

PLATFORMS
  ruby

DEPENDENCIES
  activesupport (= 4.2.11.1)
  bundler (>= 1.16, < 3)
  clintegracon (~> 0.9.0)
  cocoapods (~> 1.9)!
  cocoapods-core!
  cocoapods-generate!
  inch_by_inch (~> 1.0.1)
  prettybacon
  rake (~> 10.0)
  rspec (~> 3.9)
  rubocop (~> 0.55.0)

BUNDLED WITH
   1.17.3
